GIT
  remote: git://github.com/sinatra/sinatra.git
  revision: 34521720b6028c2fa696cf85109345a89f306c99
  specs:
    rack-protection (2.0.0.rc2)
      rack
    sinatra (2.0.0.rc2)
      mustermann (~> 1.0)
      rack (~> 2.0)
      rack-protection (= 2.0.0.rc2)
      tilt (~> 2.0)
    sinatra-contrib (2.0.0.rc2)
      backports (>= 2.0)
      multi_json
      mustermann (~> 1.0)
      rack-protection (= 2.0.0.rc2)
      sinatra (= 2.0.0.rc2)
      tilt (>= 1.3, < 3)

GEM
  remote: https://rubygems.org/
  specs:
    backports (3.7.0)
    bugsnag (5.2.0)
    concurrent-ruby (1.0.5)
    hashie (3.5.5)
    httparty (0.14.0)
      multi_xml (>= 0.5.2)
    multi_json (1.12.1)
    multi_xml (0.6.0)
    mustermann (1.0.0)
    oauth (0.5.1)
    omniauth (1.6.1)
      hashie (>= 3.4.6, < 3.6.0)
      rack (>= 1.6.2, < 3)
    omniauth-oauth (1.1.0)
      oauth
      omniauth (~> 1.0)
    omniauth-twitter (1.4.0)
      omniauth-oauth (~> 1.1)
      rack
    puma (3.8.2)
    rack (2.0.1)
    redis (3.3.3)
    slim (3.0.7)
      temple (~> 0.7.6)
      tilt (>= 1.3.3, < 2.1)
    sucker_punch (2.0.2)
      concurrent-ruby (~> 1.0.0)
    temple (0.7.7)
    tilt (2.0.7)

PLATFORMS
  ruby

DEPENDENCIES
  bugsnag
  httparty
  omniauth
  omniauth-twitter
  puma
  redis
  sinatra!
  sinatra-contrib!
  slim
  sucker_punch

RUBY VERSION
   ruby 2.4.1p111

BUNDLED WITH
   1.14.6
