GEM
  remote: https://rubygems.org/
  specs:
    backports (3.11.1)
    bugsnag (6.6.4)
      concurrent-ruby (~> 1.0)
    concurrent-ruby (1.0.5)
    hashie (3.5.7)
    httparty (0.16.0)
      multi_xml (>= 0.5.2)
    multi_json (1.13.1)
    multi_xml (0.6.0)
    mustermann (1.0.2)
    oauth (0.5.4)
    omniauth (1.8.1)
      hashie (>= 3.4.6, < 3.6.0)
      rack (>= 1.6.2, < 3)
    omniauth-oauth (1.1.0)
      oauth
      omniauth (~> 1.0)
    omniauth-twitter (1.4.0)
      omniauth-oauth (~> 1.1)
      rack
    puma (3.11.2)
    rack (2.0.4)
    rack-protection (2.0.1)
      rack
    redis (4.0.1)
    sinatra (2.0.1)
      mustermann (~> 1.0)
      rack (~> 2.0)
      rack-protection (= 2.0.1)
      tilt (~> 2.0)
    sinatra-contrib (2.0.1)
      backports (>= 2.0)
      multi_json
      mustermann (~> 1.0)
      rack-protection (= 2.0.1)
      sinatra (= 2.0.1)
      tilt (>= 1.3, < 3)
    slim (3.0.9)
      temple (>= 0.7.6, < 0.9)
      tilt (>= 1.3.3, < 2.1)
    sucker_punch (2.0.4)
      concurrent-ruby (~> 1.0.0)
    temple (0.8.0)
    tilt (2.0.8)

PLATFORMS
  ruby

DEPENDENCIES
  bugsnag
  httparty
  omniauth
  omniauth-twitter
  puma
  redis
  sinatra
  sinatra-contrib
  slim
  sucker_punch

BUNDLED WITH
   1.16.1
