GIT
  remote: git://github.com/sinatra/sinatra.git
  revision: 89cbd96866355729bb347a76ce601b98c3ff579b
  specs:
    rack-protection (2.0.0)
      rack
    sinatra (2.0.0)
      mustermann (~> 1.0)
      rack (~> 2.0)
      rack-protection (= 2.0.0)
      tilt (~> 2.0)
    sinatra-contrib (2.0.0)
      backports (>= 2.0)
      multi_json
      mustermann (~> 1.0)
      rack-protection (= 2.0.0)
      sinatra (= 2.0.0)
      tilt (>= 1.3, < 3)

GEM
  remote: https://rubygems.org/
  specs:
    backports (3.8.0)
    bugsnag (5.3.3)
    concurrent-ruby (1.0.5)
    hashie (3.5.6)
    httparty (0.15.6)
      multi_xml (>= 0.5.2)
    multi_json (1.12.2)
    multi_xml (0.6.0)
    mustermann (1.0.1)
    oauth (0.5.3)
    omniauth (1.6.1)
      hashie (>= 3.4.6, < 3.6.0)
      rack (>= 1.6.2, < 3)
    omniauth-oauth (1.1.0)
      oauth
      omniauth (~> 1.0)
    omniauth-twitter (1.4.0)
      omniauth-oauth (~> 1.1)
      rack
    puma (3.10.0)
    rack (2.0.3)
    redis (4.0.0)
    slim (3.0.8)
      temple (>= 0.7.6, < 0.9)
      tilt (>= 1.3.3, < 2.1)
    sucker_punch (2.0.4)
      concurrent-ruby (~> 1.0.0)
    temple (0.8.0)
    tilt (2.0.8)

PLATFORMS
  ruby

DEPENDENCIES
  bugsnag
  httparty
  omniauth
  omniauth-twitter
  puma
  redis
  sinatra!
  sinatra-contrib!
  slim
  sucker_punch

BUNDLED WITH
   1.14.6
